GEM
  remote: https://rubygems.org/
  specs:
    geonames (0.2.2)

PLATFORMS
  ruby

DEPENDENCIES
  geonames
